GIT
  remote: https://github.com/adammck/ruby-icloud.git
  revision: 09d95e7e71411b5878acddd65b6ee0819f439632
  branch: master
  specs:
    icloud (0.0.1)
      json
      mechanize
      uuidtools

PATH
  remote: .
  specs:
    icloud-reminders-cli (0.1)
      thor

GEM
  remote: https://rubygems.org/
  specs:
    ansi (1.4.3)
    connection_pool (2.2.3)
    domain_name (0.5.20190701)
      unf (>= 0.0.5, < 1.0.0)
    fakeweb (1.3.0)
    http-cookie (1.0.3)
      domain_name (~> 0.5)
    json (2.5.1)
    mechanize (2.7.7)
      domain_name (~> 0.5, >= 0.5.1)
      http-cookie (~> 1.0)
      mime-types (>= 1.17.2)
      net-http-digest_auth (~> 1.1, >= 1.1.1)
      net-http-persistent (>= 2.5.2)
      nokogiri (~> 1.6)
      ntlm-http (~> 0.1, >= 0.1.1)
      webrick (~> 1.7)
      webrobots (>= 0.0.9, < 0.2)
    mime-types (3.3.1)
      mime-types-data (~> 3.2015)
    mime-types-data (3.2021.0225)
    mini_portile2 (2.5.0)
    minitest (4.5.0)
    net-http-digest_auth (1.4.1)
    net-http-persistent (4.0.1)
      connection_pool (~> 2.2)
    nokogiri (1.11.2)
      mini_portile2 (~> 2.5.0)
      racc (~> 1.4)
    ntlm-http (0.1.1)
    racc (1.5.2)
    thor (0.17.0)
    turn (0.9.6)
      ansi
    unf (0.1.4)
      unf_ext
    unf_ext (0.0.7.7)
    uuidtools (2.1.3)
    webrick (1.7.0)
    webrobots (0.1.2)

PLATFORMS
  ruby

DEPENDENCIES
  fakeweb
  icloud!
  icloud-reminders-cli!
  minitest
  turn
